GIT
  remote: git://github.com/Cluster444/refinerycms-blog
  revision: c6a90585dff1a9ab10b84351c66785d00df9fc15
  specs:
    refinerycms-blog (1.0.rc13)
      filters_spam (~> 0.2)
      refinerycms (>= 0.9.7.13)

GIT
  remote: git://github.com/parndt/acts_as_tree.git
  revision: a696907c1e079a1a7b7090d116a5e901f72f2a29
  specs:
    parndt-acts_as_tree (1.2.5)

GEM
  remote: http://rubygems.org/
  specs:
    abstract (1.0.0)
    actionmailer (3.0.0)
      actionpack (= 3.0.0)
      mail (~> 2.2.5)
    actionpack (3.0.0)
      activemodel (= 3.0.0)
      activesupport (= 3.0.0)
      builder (~> 2.1.2)
      erubis (~> 2.6.6)
      i18n (~> 0.4.1)
      rack (~> 1.2.1)
      rack-mount (~> 0.6.12)
      rack-test (~> 0.5.4)
      tzinfo (~> 0.3.23)
    activemodel (3.0.0)
      activesupport (= 3.0.0)
      builder (~> 2.1.2)
      i18n (~> 0.4.1)
    activerecord (3.0.0)
      activemodel (= 3.0.0)
      activesupport (= 3.0.0)
      arel (~> 1.0.0)
      tzinfo (~> 0.3.23)
    activeresource (3.0.0)
      activemodel (= 3.0.0)
      activesupport (= 3.0.0)
    activesupport (3.0.0)
    acts_as_indexed (0.6.6)
    annotate-models (1.0.4)
    arel (1.0.1)
      activesupport (~> 3.0.0)
    authlogic (2.1.6)
      activesupport
    aws-s3 (0.6.2)
      builder
      mime-types
      xml-simple
    babosa (0.2.0)
    builder (2.1.2)
    diff-lcs (1.1.2)
    dragonfly (0.7.6)
      rack
    erubis (2.6.6)
      abstract (>= 1.0.0)
    factory_girl (1.3.2)
    factory_girl_rails (1.0)
      factory_girl (~> 1.3)
      rails (>= 3.0.0.beta4)
    faker (0.3.1)
    filters_spam (0.3)
    friendly_id (3.1.7)
      babosa (~> 0.2.0)
    i18n (0.4.1)
    mail (2.2.7)
      activesupport (>= 2.3.6)
      mime-types
      treetop (>= 1.4.5)
    mime-types (1.16)
    moretea-awesome_nested_set (1.4.3.1)
      activerecord (~> 3.0.0)
    mysql2 (0.2.4)
    nokogiri (1.4.3.1)
    polyglot (0.3.1)
    rack (1.2.1)
    rack-cache (0.5.3)
      rack (>= 0.4)
    rack-mount (0.6.13)
      rack (>= 1.0.0)
    rack-test (0.5.6)
      rack (>= 1.0)
    rails (3.0.0)
      actionmailer (= 3.0.0)
      actionpack (= 3.0.0)
      activerecord (= 3.0.0)
      activeresource (= 3.0.0)
      activesupport (= 3.0.0)
      bundler (~> 1.0.0)
      railties (= 3.0.0)
    railties (3.0.0)
      actionpack (= 3.0.0)
      activesupport (= 3.0.0)
      rake (>= 0.8.4)
      thor (~> 0.14.0)
    rake (0.8.7)
    refinerycms (0.9.8.5)
      acts_as_indexed (~> 0.6.6)
      authlogic (~> 2.1.6)
      bundler (~> 1.0.0)
      dragonfly (~> 0.7.5)
      friendly_id (~> 3.1.6)
      moretea-awesome_nested_set (= 1.4.3.1)
      rack-cache (~> 0.5.2)
      rails (~> 3.0.0)
      truncate_html (= 0.4)
      will_paginate (~> 3.0.pre)
    refinerycms-i18n (0.9.8.8)
      refinerycms (>= 0.9.8)
      routing-filter (~> 0.1.6)
    refinerycms-inquiries (0.9.8.10)
      filters_spam (~> 0.2)
    rmagick (2.12.2)
    routing-filter (0.1.7)
      actionpack
    rspec (2.0.0.beta.22)
      rspec-core (= 2.0.0.beta.22)
      rspec-expectations (= 2.0.0.beta.22)
      rspec-mocks (= 2.0.0.beta.22)
    rspec-core (2.0.0.beta.22)
    rspec-expectations (2.0.0.beta.22)
      diff-lcs (>= 1.1.2)
    rspec-mocks (2.0.0.beta.22)
      rspec-core (= 2.0.0.beta.22)
      rspec-expectations (= 2.0.0.beta.22)
    rspec-rails (2.0.0.beta.22)
      rspec (= 2.0.0.beta.22)
    thor (0.14.3)
    treetop (1.4.8)
      polyglot (>= 0.3.1)
    truncate_html (0.4.0)
    tzinfo (0.3.23)
    webrat (0.7.1)
      nokogiri (>= 1.2.0)
      rack (>= 1.0)
      rack-test (>= 0.5.3)
    will_paginate (3.0.pre2)
    xml-simple (1.0.12)

PLATFORMS
  ruby

DEPENDENCIES
  annotate-models (= 1.0.4)
  aws-s3
  factory_girl_rails (= 1.0)
  faker (= 0.3.1)
  mysql2
  nokogiri
  parndt-acts_as_tree!
  rails (= 3.0.0)
  refinerycms (~> 0.9.8.5)
  refinerycms-blog!
  refinerycms-i18n (~> 0.9.8.7)
  refinerycms-inquiries (~> 0.9.8.8)
  rmagick (~> 2.12.0)
  rspec-rails (>= 2.0.0.beta.22)
  webrat
